GEM
  remote: https://rubygems.org/
  specs:
    maxminddb (0.1.14)

PLATFORMS
  ruby

DEPENDENCIES
  maxminddb

BUNDLED WITH
   1.14.4
